GEM
  remote: http://rubygems.org/
  specs:
    builder (3.0.0)
    chunky_png (1.2.5)
    compass (0.13.alpha.0)
      chunky_png (~> 1.2)
      fssm (>= 0.2.7)
      sass (~> 3.2.0.alpha.93)
    fssm (0.2.9)
    grid-coordinates (1.1.9)
      compass (>= 0.11.5)
    rack (1.4.1)
    rake (0.9.2.2)
    rdiscount (1.6.8)
    sass (3.2.0.alpha.261)
    shotgun (0.9)
      rack (>= 1.0)
    sinatra (1.2.8)
      rack (~> 1.1)
      tilt (>= 1.2.2, < 2.0)
    slim (1.2.2)
      temple (~> 0.4.0)
      tilt (~> 1.3.3)
    susy (1.0.rc.2)
      compass (>= 0.12.2)
      sass (>= 3.2.0.alpha.247)
    temple (0.4.0)
    tilt (1.3.3)
    xml-sitemap (1.2.2)
      builder (>= 2.0)

PLATFORMS
  ruby

DEPENDENCIES
  compass (~> 0.13.alpha.0)
  grid-coordinates (~> 1.1.4)
  rake (~> 0.9.2.2)
  rdiscount
  sass (~> 3.2.0.alpha.247)
  shotgun (~> 0.9)
  sinatra (~> 1.2.3)
  slim
  susy (~> 1.0.rc.2)
  xml-sitemap
